GEM
  remote: https://rubygems.org/
  specs:
    addressable (2.8.7)
      public_suffix (>= 2.0.2, < 7.0)
    public_suffix (6.0.0)
    rack (3.1.3)
    roda (3.81.0)
      rack

PLATFORMS
  arm64-darwin-22
  x86_64-linux

DEPENDENCIES
  addressable (~> 2.8)
  roda

RUBY VERSION
   ruby 3.2.2p53

BUNDLED WITH
   2.4.12
